ObjectType = Image
NDims = 3
BinaryData = True
BinaryDataByteOrderMSB = False
CompressedData = False
TransformMatrix = 1 0 0 0 1 0 0 0 1
Offset = 0 0 0
CenterOfRotation = 0 0 0
AnatomicalOrientation = RAI
ElementSpacing = 1.0 1.0 1.0
DimSize = 10 10 10
ElementType = MET_UCHAR
ElementDataFile = testCube10x10x10Noisy_0p01.raw
